PATH
  remote: .
  specs:
    kit-app-container (0.1.0)
      activerecord-nulldb-adapter
      rails_event_store
      sidekiq

GEM
  remote: https://rubygems.org/
  specs:
    activejob (6.0.3.1)
      activesupport (= 6.0.3.1)
      globalid (>= 0.3.6)
    activemodel (6.0.3.1)
      activesupport (= 6.0.3.1)
    activerecord (6.0.3.1)
      activemodel (= 6.0.3.1)
      activesupport (= 6.0.3.1)
    activerecord-import (1.0.5)
      activerecord (>= 3.2)
    activerecord-nulldb-adapter (0.4.0)
      activerecord (>= 2.0.0)
    activesupport (6.0.3.1)
      concurrent-ruby (~> 1.0, >= 1.0.2)
      i18n (>= 0.7, < 2)
      minitest (~> 5.1)
      tzinfo (~> 1.1)
      zeitwerk (~> 2.2, >= 2.2.2)
    aggregate_root (1.0.0)
      ruby_event_store (= 1.0.0)
    arkency-command_bus (0.4.0)
      thread_safe
    ast (2.4.0)
    bounded_context (1.0.0)
    concurrent-ruby (1.1.6)
    connection_pool (2.2.2)
    globalid (0.4.2)
      activesupport (>= 4.2.0)
    i18n (1.8.2)
      concurrent-ruby (~> 1.0)
    minitest (5.14.1)
    mustermann (1.1.1)
      ruby2_keywords (~> 0.0.1)
    parallel (1.19.1)
    parser (2.7.1.3)
      ast (~> 2.4.0)
    rack (2.2.2)
    rack-protection (2.0.8.1)
      rack
    rails_event_store (1.0.0)
      activejob (>= 3.0)
      activemodel (>= 3.0)
      activesupport (>= 3.0)
      aggregate_root (= 1.0.0)
      arkency-command_bus (>= 0.4)
      bounded_context (= 1.0.0)
      rails_event_store_active_record (= 1.0.0)
      ruby_event_store (= 1.0.0)
      ruby_event_store-browser (= 1.0.0)
    rails_event_store_active_record (1.0.0)
      activemodel (>= 3.0)
      activerecord-import (>= 1.0.2)
      activesupport (>= 3.0)
      ruby_event_store (= 1.0.0)
    rainbow (3.0.0)
    redis (4.1.4)
    rexml (3.2.4)
    rubocop (0.84.0)
      parallel (~> 1.10)
      parser (>= 2.7.0.1)
      rainbow (>= 2.2.2, < 4.0)
      rexml
      rubocop-ast (>= 0.0.3)
      ruby-progressbar (~> 1.7)
      unicode-display_width (>= 1.4.0, < 2.0)
    rubocop-ast (0.0.3)
      parser (>= 2.7.0.1)
    ruby-progressbar (1.10.1)
    ruby2_keywords (0.0.2)
    ruby_event_store (1.0.0)
      concurrent-ruby (~> 1.0, >= 1.1.6)
    ruby_event_store-browser (1.0.0)
      ruby_event_store (= 1.0.0)
      sinatra
    sidekiq (6.0.7)
      connection_pool (>= 2.2.2)
      rack (~> 2.0)
      rack-protection (>= 2.0.0)
      redis (>= 4.1.0)
    sinatra (2.0.8.1)
      mustermann (~> 1.0)
      rack (~> 2.0)
      rack-protection (= 2.0.8.1)
      tilt (~> 2.0)
    thread_safe (0.3.6)
    tilt (2.0.10)
    tzinfo (1.2.7)
      thread_safe (~> 0.1)
    unicode-display_width (1.7.0)
    zeitwerk (2.3.0)

PLATFORMS
  ruby

DEPENDENCIES
  kit-app-container!
  rubocop

BUNDLED WITH
   2.1.4
