PATH
  remote: ../kit-active-admin
  specs:
    kit-active-admin (0.1.0)
      activeadmin (~> 2.2)
      activeadmin_addons (~> 1.7, >= 1.7.1)
      bootstrap (~> 4.0)
      popper_js

PATH
  remote: ../kit-organizer
  specs:
    kit-organizer (0.1.0)
      contracts (~> 0.16.0)

PATH
  remote: .
  specs:
    kit-domain (0.1.0)
      activerecord-nulldb-adapter (~> 0.3.9)
      contracts (~> 0.16.0)
      dotenv-rails (~> 2.1, >= 2.1.1)
      dry-struct
      dry-validation
      interactor
      jsonapi-rails
      multiverse (~> 0.2.1)
      paranoia (~> 2.4, >= 2.4.1)
      pg (~> 1.1, >= 1.1.4)
      rails (~> 6.0.0.rc2)
      rails_event_store
      rubocop (~> 0.42.0)
      seedbank
      slim-rails

GEM
  remote: https://rubygems.org/
  specs:
    actioncable (6.0.0.rc2)
      actionpack (= 6.0.0.rc2)
      nio4r (~> 2.0)
      websocket-driver (>= 0.6.1)
    actionmailbox (6.0.0.rc2)
      actionpack (= 6.0.0.rc2)
      activejob (= 6.0.0.rc2)
      activerecord (= 6.0.0.rc2)
      activestorage (= 6.0.0.rc2)
      activesupport (= 6.0.0.rc2)
      mail (>= 2.7.1)
    actionmailer (6.0.0.rc2)
      actionpack (= 6.0.0.rc2)
      actionview (= 6.0.0.rc2)
      activejob (= 6.0.0.rc2)
      mail (~> 2.5, >= 2.5.4)
      rails-dom-testing (~> 2.0)
    actionpack (6.0.0.rc2)
      actionview (= 6.0.0.rc2)
      activesupport (= 6.0.0.rc2)
      rack (~> 2.0)
      rack-test (>= 0.6.3)
      rails-dom-testing (~> 2.0)
      rails-html-sanitizer (~> 1.0, >= 1.0.2)
    actiontext (6.0.0.rc2)
      actionpack (= 6.0.0.rc2)
      activerecord (= 6.0.0.rc2)
      activestorage (= 6.0.0.rc2)
      activesupport (= 6.0.0.rc2)
      nokogiri (>= 1.8.5)
    actionview (6.0.0.rc2)
      activesupport (= 6.0.0.rc2)
      builder (~> 3.1)
      erubi (~> 1.4)
      rails-dom-testing (~> 2.0)
      rails-html-sanitizer (~> 1.0, >= 1.0.3)
    active_material (1.4.2)
    activeadmin (2.2.0)
      arbre (~> 1.2, >= 1.2.1)
      formtastic (~> 3.1)
      formtastic_i18n (~> 0.4)
      inherited_resources (~> 1.7)
      jquery-rails (~> 4.2)
      kaminari (~> 1.0, >= 1.0.1)
      railties (>= 5.0, < 6.1)
      ransack (~> 2.1, >= 2.1.1)
      sassc-rails (~> 2.1)
      sprockets (>= 3.0, < 4.1)
      sprockets-es6 (~> 0.9, >= 0.9.2)
    activeadmin_addons (1.7.1)
      active_material
      railties
      require_all (~> 1.5)
      sass
      select2-rails (~> 4.0)
      xdan-datetimepicker-rails (~> 2.5.1)
    activejob (6.0.0.rc2)
      activesupport (= 6.0.0.rc2)
      globalid (>= 0.3.6)
    activemodel (6.0.0.rc2)
      activesupport (= 6.0.0.rc2)
    activerecord (6.0.0.rc2)
      activemodel (= 6.0.0.rc2)
      activesupport (= 6.0.0.rc2)
    activerecord-import (1.0.2)
      activerecord (>= 3.2)
    activerecord-nulldb-adapter (0.3.9)
      activerecord (>= 2.0.0)
    activestorage (6.0.0.rc2)
      actionpack (= 6.0.0.rc2)
      activejob (= 6.0.0.rc2)
      activerecord (= 6.0.0.rc2)
      marcel (~> 0.3.1)
    activesupport (6.0.0.rc2)
      concurrent-ruby (~> 1.0, >= 1.0.2)
      i18n (>= 0.7, < 2)
      minitest (~> 5.1)
      tzinfo (~> 1.1)
      zeitwerk (~> 2.1, >= 2.1.8)
    aggregate_root (0.41.0)
      ruby_event_store (= 0.41.0)
    annotate (2.7.5)
      activerecord (>= 3.2, < 7.0)
      rake (>= 10.4, < 13.0)
    arbre (1.2.1)
      activesupport (>= 3.0.0)
    arkency-command_bus (0.4.0)
      thread_safe
    ast (2.4.0)
    autoprefixer-rails (9.6.1)
      execjs
    babel-source (5.8.35)
    babel-transpiler (0.7.0)
      babel-source (>= 4.0, < 6)
      execjs (~> 2.0)
    bootstrap (4.3.1)
      autoprefixer-rails (>= 9.1.0)
      popper_js (>= 1.14.3, < 2)
      sassc-rails (>= 2.0.0)
    bounded_context (0.41.0)
    builder (3.2.3)
    concurrent-ruby (1.1.5)
    contracts (0.16.0)
    crass (1.0.4)
    dotenv (2.7.5)
    dotenv-rails (2.7.5)
      dotenv (= 2.7.5)
      railties (>= 3.2, < 6.1)
    dry-configurable (0.8.3)
      concurrent-ruby (~> 1.0)
      dry-core (~> 0.4, >= 0.4.7)
    dry-container (0.7.2)
      concurrent-ruby (~> 1.0)
      dry-configurable (~> 0.1, >= 0.1.3)
    dry-core (0.4.9)
      concurrent-ruby (~> 1.0)
    dry-equalizer (0.2.2)
    dry-inflector (0.1.2)
    dry-initializer (3.0.1)
    dry-logic (1.0.3)
      concurrent-ruby (~> 1.0)
      dry-core (~> 0.2)
      dry-equalizer (~> 0.2)
    dry-schema (1.3.3)
      concurrent-ruby (~> 1.0)
      dry-configurable (~> 0.8, >= 0.8.3)
      dry-core (~> 0.4)
      dry-equalizer (~> 0.2)
      dry-initializer (~> 3.0)
      dry-logic (~> 1.0)
      dry-types (~> 1.0)
    dry-struct (1.0.0)
      dry-core (~> 0.4, >= 0.4.3)
      dry-equalizer (~> 0.2)
      dry-types (~> 1.0)
      ice_nine (~> 0.11)
    dry-types (1.1.1)
      concurrent-ruby (~> 1.0)
      dry-container (~> 0.3)
      dry-core (~> 0.4, >= 0.4.4)
      dry-equalizer (~> 0.2, >= 0.2.2)
      dry-inflector (~> 0.1, >= 0.1.2)
      dry-logic (~> 1.0, >= 1.0.2)
    dry-validation (1.3.1)
      concurrent-ruby (~> 1.0)
      dry-container (~> 0.7, >= 0.7.1)
      dry-core (~> 0.4)
      dry-equalizer (~> 0.2)
      dry-initializer (~> 3.0)
      dry-schema (~> 1.0, >= 1.3.1)
    erubi (1.8.0)
    execjs (2.7.0)
    ffi (1.11.1)
    formtastic (3.1.5)
      actionpack (>= 3.2.13)
    formtastic_i18n (0.6.0)
    globalid (0.4.2)
      activesupport (>= 4.2.0)
    has_scope (0.7.2)
      actionpack (>= 4.1)
      activesupport (>= 4.1)
    i18n (1.6.0)
      concurrent-ruby (~> 1.0)
    ice_nine (0.11.2)
    inherited_resources (1.11.0)
      actionpack (>= 5.0, < 6.1)
      has_scope (~> 0.6)
      railties (>= 5.0, < 6.1)
      responders (>= 2, < 4)
    interactor (3.1.1)
    jquery-rails (4.3.5)
      rails-dom-testing (>= 1, < 3)
      railties (>= 4.2.0)
      thor (>= 0.14, < 2.0)
    jsonapi-deserializable (0.2.0)
    jsonapi-parser (0.1.1)
    jsonapi-rails (0.4.0)
      jsonapi-parser (~> 0.1.0)
      jsonapi-rb (~> 0.5.0)
    jsonapi-rb (0.5.0)
      jsonapi-deserializable (~> 0.2.0)
      jsonapi-serializable (~> 0.3.0)
    jsonapi-renderer (0.2.2)
    jsonapi-serializable (0.3.1)
      jsonapi-renderer (~> 0.2.0)
    kaminari (1.1.1)
      activesupport (>= 4.1.0)
      kaminari-actionview (= 1.1.1)
      kaminari-activerecord (= 1.1.1)
      kaminari-core (= 1.1.1)
    kaminari-actionview (1.1.1)
      actionview
      kaminari-core (= 1.1.1)
    kaminari-activerecord (1.1.1)
      activerecord
      kaminari-core (= 1.1.1)
    kaminari-core (1.1.1)
    loofah (2.2.3)
      crass (~> 1.0.2)
      nokogiri (>= 1.5.9)
    mail (2.7.1)
      mini_mime (>= 0.1.1)
    marcel (0.3.3)
      mimemagic (~> 0.3.2)
    method_source (0.9.2)
    mimemagic (0.3.3)
    mini_mime (1.0.2)
    mini_portile2 (2.4.0)
    minitest (5.11.3)
    multiverse (0.2.1)
      activerecord (>= 4.2)
      activesupport (>= 4.2)
      railties (>= 4.2)
    mustermann (1.0.3)
    nio4r (2.4.0)
    nokogiri (1.10.4)
      mini_portile2 (~> 2.4.0)
    paranoia (2.4.2)
      activerecord (>= 4.0, < 6.1)
    parser (2.6.3.0)
      ast (~> 2.4.0)
    pg (1.1.4)
    popper_js (1.14.5)
    powerpack (0.1.2)
    rack (2.0.7)
    rack-protection (2.0.5)
      rack
    rack-test (1.1.0)
      rack (>= 1.0, < 3)
    rails (6.0.0.rc2)
      actioncable (= 6.0.0.rc2)
      actionmailbox (= 6.0.0.rc2)
      actionmailer (= 6.0.0.rc2)
      actionpack (= 6.0.0.rc2)
      actiontext (= 6.0.0.rc2)
      actionview (= 6.0.0.rc2)
      activejob (= 6.0.0.rc2)
      activemodel (= 6.0.0.rc2)
      activerecord (= 6.0.0.rc2)
      activestorage (= 6.0.0.rc2)
      activesupport (= 6.0.0.rc2)
      bundler (>= 1.3.0)
      railties (= 6.0.0.rc2)
      sprockets-rails (>= 2.0.0)
    rails-dom-testing (2.0.3)
      activesupport (>= 4.2.0)
      nokogiri (>= 1.6)
    rails-html-sanitizer (1.2.0)
      loofah (~> 2.2, >= 2.2.2)
    rails_event_store (0.41.0)
      activejob (>= 3.0)
      activemodel (>= 3.0)
      activesupport (>= 3.0)
      aggregate_root (= 0.41.0)
      arkency-command_bus (>= 0.4)
      bounded_context (= 0.41.0)
      rails_event_store_active_record (= 0.41.0)
      ruby_event_store (= 0.41.0)
      ruby_event_store-browser (= 0.41.0)
    rails_event_store_active_record (0.41.0)
      activemodel (>= 3.0)
      activerecord-import (>= 1.0.2)
      activesupport (>= 3.0)
      ruby_event_store (= 0.41.0)
    railties (6.0.0.rc2)
      actionpack (= 6.0.0.rc2)
      activesupport (= 6.0.0.rc2)
      method_source
      rake (>= 0.8.7)
      thor (>= 0.20.3, < 2.0)
    rainbow (2.2.2)
      rake
    rake (12.3.3)
    ransack (2.1.1)
      actionpack (>= 5.0)
      activerecord (>= 5.0)
      activesupport (>= 5.0)
      i18n
    rb-fsevent (0.10.3)
    rb-inotify (0.10.0)
      ffi (~> 1.0)
    require_all (1.5.0)
    responders (3.0.0)
      actionpack (>= 5.0)
      railties (>= 5.0)
    rubocop (0.42.0)
      parser (>= 2.3.1.1, < 3.0)
      powerpack (~> 0.1)
      rainbow (>= 1.99.1, < 3.0)
      ruby-progressbar (~> 1.7)
      unicode-display_width (~> 1.0, >= 1.0.1)
    ruby-progressbar (1.10.1)
    ruby_event_store (0.41.0)
      concurrent-ruby (~> 1.0)
    ruby_event_store-browser (0.41.0)
      ruby_event_store (= 0.41.0)
      sinatra
    sass (3.7.4)
      sass-listen (~> 4.0.0)
    sass-listen (4.0.0)
      rb-fsevent (~> 0.9, >= 0.9.4)
      rb-inotify (~> 0.9, >= 0.9.7)
    sassc (2.0.1)
      ffi (~> 1.9)
      rake
    sassc-rails (2.1.2)
      railties (>= 4.0.0)
      sassc (>= 2.0)
      sprockets (> 3.0)
      sprockets-rails
      tilt
    seedbank (0.5.0)
      rake (>= 10.0)
    select2-rails (4.0.3)
      thor (~> 0.14)
    sinatra (2.0.5)
      mustermann (~> 1.0)
      rack (~> 2.0)
      rack-protection (= 2.0.5)
      tilt (~> 2.0)
    slim (4.0.1)
      temple (>= 0.7.6, < 0.9)
      tilt (>= 2.0.6, < 2.1)
    slim-rails (3.2.0)
      actionpack (>= 3.1)
      railties (>= 3.1)
      slim (>= 3.0, < 5.0)
    sprockets (3.7.2)
      concurrent-ruby (~> 1.0)
      rack (> 1, < 3)
    sprockets-es6 (0.9.2)
      babel-source (>= 5.8.11)
      babel-transpiler
      sprockets (>= 3.0.0)
    sprockets-rails (3.2.1)
      actionpack (>= 4.0)
      activesupport (>= 4.0)
      sprockets (>= 3.0.0)
    temple (0.8.1)
    thor (0.20.3)
    thread_safe (0.3.6)
    tilt (2.0.9)
    tzinfo (1.2.5)
      thread_safe (~> 0.1)
    unicode-display_width (1.6.0)
    websocket-driver (0.7.1)
      websocket-extensions (>= 0.1.0)
    websocket-extensions (0.1.4)
    xdan-datetimepicker-rails (2.5.4)
      jquery-rails
      rails (>= 3.2.16)
    zeitwerk (2.1.9)

PLATFORMS
  ruby

DEPENDENCIES
  annotate
  kit-active-admin!
  kit-domain!
  kit-organizer!

BUNDLED WITH
   1.17.2
